GEM
  remote: http://rubygems.org/
  specs:
    htmlentities (4.3.0)
    liquid (2.2.2)
    redcarpet (1.13.1)

PLATFORMS
  ruby

DEPENDENCIES
  htmlentities (= 4.3.0)
  liquid (= 2.2.2)
  redcarpet (= 1.13.1)
